{
	"Modality": "MR",
	"MagneticFieldStrength": 3,
	"ImagingFrequency": 127.771,
	"Manufacturer": "GE",
	"PulseSequenceName": "epiRT",
	"InternalPulseSequenceName": "EPI",
	"ManufacturersModelName": "SIGNA PET/MR",
	"InstitutionName": "ULB_ERASME",
	"DeviceSerialNumber": "000000030130MR01",
	"StationName": "PETMR",
	"PatientPosition": "HFS",
	"ProcedureStepDescription": "fMRI RS Valentina",
	"SoftwareVersions": "26\\LX\\MR Software release:MP24.0_R03_1712.b",
	"MRAcquisitionType": "2D",
	"SeriesDescription": "fMRI 3mm Valentina",
	"ProtocolName": "Research HIV Sophie",
	"ScanningSequence": "EP\\GR",
	"SequenceVariant": "SS",
	"ScanOptions": "SAT_GEMS\\EPI_GEMS\\ACC_GEMS\\FS",
	"ImageType": ["ORIGINAL", "PRIMARY", "EPI", "NONE"],
	"SeriesNumber": 3,
	"AcquisitionTime": "15:33:48.000000",
	"AcquisitionNumber": 1,
	"SliceThickness": 3,
	"SpacingBetweenSlices": 3,
	"SAR": 0.154651,
	"EchoTime": 0.034,
	"RepetitionTime": 3,
	"FlipAngle": 90,
	"PhaseEncodingPolarityGE": "Flipped",
	"CoilString": "Head 24",
	"PercentPhaseFOV": 100,
	"PercentSampling": 100,
	"AcquisitionMatrixPE": 96,
	"ReconMatrixPE": 128,
	"ParallelReductionFactorInPlane": 3,
	"EffectiveEchoSpacing": 0.000172819,
	"TotalReadoutTime": 0.021948,
	"PixelBandwidth": 3906.25,
	"PhaseEncodingDirection": "j",
	"SliceTiming": [
		2.9375,
		1.4375,
		2.875,
		1.375,
		2.8125,
		1.3125,
		2.75,
		1.25,
		2.6875,
		1.1875,
		2.625,
		1.125,
		2.5625,
		1.0625,
		2.5,
		1,
		2.4375,
		0.9375,
		2.375,
		0.875,
		2.3125,
		0.8125,
		2.25,
		0.75,
		2.1875,
		0.6875,
		2.125,
		0.625,
		2.0625,
		0.5625,
		2,
		0.5,
		1.9375,
		0.4375,
		1.875,
		0.375,
		1.8125,
		0.3125,
		1.75,
		0.25,
		1.6875,
		0.1875,
		1.625,
		0.125,
		1.5625,
		0.0625,
		1.5,
		0	],
	"ImageOrientationPatientDICOM": [
		0.99852,
		-0.0424625,
		0.0339923,
		0.0470712,
		0.98774,
		-0.148844	],
	"InPlanePhaseEncodingDirectionDICOM": "COL",
	"ConversionSoftware": "dcm2niix",
	"ConversionSoftwareVersion": "v1.0.20211006",
	"TaskName": "restingstate"
}
